PATH
  remote: .
  specs:
    whisper.cpp (0.1.0)
      ffi (~> 1.15)

GEM
  remote: https://rubygems.org/
  specs:
    coderay (1.1.3)
    ffi (1.17.0)
    ffi (1.17.0-x86_64-linux-gnu)
    method_source (1.1.0)
    pry (0.14.2)
      coderay (~> 1.1)
      method_source (~> 1.0)
    rake (13.2.1)
    rake-compiler (1.2.7)
      rake

PLATFORMS
  ruby
  x86_64-linux

DEPENDENCIES
  pry
  rake-compiler
  whisper.cpp!

RUBY VERSION
   ruby 3.3.0p0

BUNDLED WITH
   2.5.11
